GEM
  remote: http://rubygems.org/
  specs:
    activesupport (3.0.1)
    archive-tar-minitar (0.5.2)
    bson (1.1.2)
    bson_ext (1.1.2)
    columnize (0.3.2)
    git (1.2.5)
    i18n (0.4.2)
    jeweler (1.5.0.pre5)
      bundler (~> 1.0.0)
      git (>= 1.2.5)
      rake
    linecache19 (0.5.11)
      ruby_core_source (>= 0.1.4)
    mocha (0.9.9)
      rake
    mongo (1.1.2)
      bson (>= 1.1.1)
    rake (0.8.7)
    ruby-debug-base19 (0.11.24)
      columnize (>= 0.3.1)
      linecache19 (>= 0.5.11)
      ruby_core_source (>= 0.1.4)
    ruby-debug19 (0.11.6)
      columnize (>= 0.3.1)
      linecache19 (>= 0.5.11)
      ruby-debug-base19 (>= 0.11.19)
    ruby_core_source (0.1.4)
      archive-tar-minitar (>= 0.5.2)
    shoulda (2.11.3)

PLATFORMS
  ruby

DEPENDENCIES
  activesupport
  bson_ext
  bundler (~> 1.0.0)
  i18n
  jeweler (~> 1.5.0.pre5)
  mocha
  mongo
  rake
  ruby-debug19
  shoulda
